GEM
  remote: http://rubygems.org/
  specs:
    json-schema (0.9.10)

PLATFORMS
  ruby

DEPENDENCIES
  json-schema
